GEM
  remote: http://rubygems.org/
  specs:
    git (1.2.5)
    jeweler (1.6.4)
      bundler (~> 1.0)
      git (>= 1.2.5)
      rake
    metaclass (0.0.1)
    minitest (3.3.0)
    mocha (0.12.3)
      metaclass (~> 0.0.1)
    open4 (1.3.0)
    rake (0.9.2.2)

PLATFORMS
  ruby

DEPENDENCIES
  bundler
  jeweler (~> 1.6.4)
  minitest
  mocha (~> 0.9)
  open4 (~> 1.3.0)
